GIT
  remote: https://github.com/opal/opal-browser.git
  revision: 8b2545acacaaaa59edf55cf1fe4e093cc19491ec
  specs:
    opal-browser (0.1.0.beta1)
      opal (>= 0.5.5)
      paggio

GIT
  remote: https://github.com/opal/opal.git
  revision: aab1c344b58c6eeb91e527fca01e059a8d643065
  specs:
    opal (0.6.0)
      source_map
      sprockets

GEM
  remote: https://rubygems.org/
  specs:
    daemons (1.1.9)
    eventmachine (1.0.3)
    hike (1.2.3)
    json (1.8.1)
    multi_json (1.8.2)
    paggio (0.2.3)
    rack (1.5.2)
    sass (3.4.9)
    source_map (3.0.1)
      json
    sprockets (2.10.1)
      hike (~> 1.2)
      multi_json (~> 1.0)
      rack (~> 1.0)
      tilt (~> 1.1, != 1.3.0)
    thin (1.6.3)
      daemons (~> 1.0, >= 1.0.9)
      eventmachine (~> 1.0)
      rack (~> 1.0)
    tilt (1.4.1)

PLATFORMS
  ruby

DEPENDENCIES
  opal!
  opal-browser!
  sass
  thin
